PATH
  remote: ..
  specs:
    rack-user_agent (0.2.1)
      rack (~> 1.5)
      woothee (~> 1.0.0)

GEM
  remote: https://rubygems.org/
  specs:
    coderay (1.1.0)
    method_source (0.8.2)
    pry (0.10.0)
      coderay (~> 1.1.0)
      method_source (~> 0.8.1)
      slop (~> 3.4)
    rack (1.5.2)
    rack-protection (1.5.3)
      rack
    sinatra (1.4.5)
      rack (~> 1.4)
      rack-protection (~> 1.4)
      tilt (~> 1.3, >= 1.3.4)
    slop (3.6.0)
    tilt (1.4.1)
    woothee (1.0.0)

PLATFORMS
  ruby

DEPENDENCIES
  pry
  rack-user_agent!
  sinatra
